GEM
  remote: http://rubygems.org/
  specs:
    addressable (2.3.6)
    codeclimate-test-reporter (0.4.1)
      simplecov (>= 0.7.1, < 1.0.0)
    docile (1.1.5)
    erubis (2.7.0)
    excon (0.43.0)
    faraday (0.9.1)
      multipart-post (>= 1.2, < 3)
    git (1.2.8)
    heroics (0.0.12)
      erubis (~> 2.7.0)
      excon
      moneta
      multi_json (>= 1.9.2)
      netrc
    json (1.8.2)
    moneta (0.8.0)
    multi_json (1.10.1)
    multipart-post (2.0.0)
    netrc (0.10.2)
    octokit (3.7.0)
      sawyer (~> 0.6.0, >= 0.5.3)
    platform-api (0.2.0)
      heroics (~> 0.0.10)
    rack (1.6.0)
    rack-protection (1.5.3)
      rack
    sawyer (0.6.0)
      addressable (~> 2.3.5)
      faraday (~> 0.8, < 0.10)
    simplecov (0.9.1)
      docile (~> 1.1.0)
      multi_json (~> 1.0)
      simplecov-html (~> 0.8.0)
    simplecov-html (0.8.0)
    sinatra (1.4.5)
      rack (~> 1.4)
      rack-protection (~> 1.4)
      tilt (~> 1.3, >= 1.3.4)
    tilt (1.4.1)

PLATFORMS
  ruby

DEPENDENCIES
  codeclimate-test-reporter
  git
  json
  octokit
  platform-api
  sinatra
